GEM
  remote: http://rubygems.org/
  specs:
    coffee-script (2.2.0)
      coffee-script-source
      execjs
    coffee-script-source (1.1.2)
    dalli (1.0.5)
    execjs (1.2.4)
      multi_json (~> 1.0)
    haml (3.1.2)
    multi_json (1.0.3)
    nokogiri (1.4.6)
    rack (1.3.2)
    sass (3.1.7)
    sinatra (1.2.6)
      rack (~> 1.1)
      tilt (< 2.0, >= 1.2.2)
    therubyracer-heroku (0.8.1.pre3)
    tilt (1.3.2)

PLATFORMS
  ruby

DEPENDENCIES
  coffee-script
  dalli
  haml
  nokogiri
  sass
  sinatra
  therubyracer-heroku (= 0.8.1.pre3)
